PATH
  remote: .
  specs:
    rusen (0.0.2)

GEM
  remote: http://rubygems.org/
  specs:
    activesupport (6.1.1)
      concurrent-ruby (~> 1.0, >= 1.0.2)
      i18n (>= 1.6, < 2)
      minitest (>= 5.1)
      tzinfo (~> 2.0)
      zeitwerk (~> 2.3)
    bourne (1.5.0)
      mocha (>= 0.13.2, < 0.15)
    concurrent-ruby (1.1.8)
    diff-lcs (1.2.5)
    docile (1.1.2)
    i18n (1.8.7)
      concurrent-ruby (~> 1.0)
    log4r (1.1.10)
    mail (2.5.4)
      mime-types (~> 1.16)
      treetop (~> 1.4.8)
    metaclass (0.0.2)
    mime-types (1.25.1)
    minitest (5.14.3)
    mocha (0.14.0)
      metaclass (~> 0.0.1)
    multi_json (1.15.0)
    polyglot (0.3.3)
    pony (1.6.2)
      mail (>= 2.0)
    rake (10.1.1)
    reek (1.3.6)
      ruby2ruby (~> 2.0.7)
      ruby_parser (~> 3.2)
      sexp_processor
    roodi (3.3.1)
      ruby_parser (~> 3.2, >= 3.2.2)
    rspec (2.14.1)
      rspec-core (~> 2.14.0)
      rspec-expectations (~> 2.14.0)
      rspec-mocks (~> 2.14.0)
    rspec-core (2.14.7)
    rspec-expectations (2.14.4)
      diff-lcs (>= 1.1.3, < 2.0)
    rspec-mocks (2.14.4)
    ruby2ruby (2.0.7)
      ruby_parser (~> 3.1)
      sexp_processor (~> 4.0)
    ruby_parser (3.3.0)
      sexp_processor (~> 4.1)
    sexp_processor (4.4.1)
    shoulda (3.5.0)
      shoulda-context (~> 1.0, >= 1.0.1)
      shoulda-matchers (>= 1.4.1, < 3.0)
    shoulda-context (1.1.6)
    shoulda-matchers (1.5.6)
      activesupport (>= 3.0.0)
      bourne (~> 1.3)
    simplecov (0.8.2)
      docile (~> 1.1.0)
      multi_json
      simplecov-html (~> 0.8.0)
    simplecov-html (0.8.0)
    treetop (1.4.15)
      polyglot
      polyglot (>= 0.3.1)
    tzinfo (2.0.4)
      concurrent-ruby (~> 1.0)
    zeitwerk (2.4.2)

PLATFORMS
  ruby

DEPENDENCIES
  log4r
  mail
  pony
  rake
  reek (>= 1.2.8)
  roodi (>= 2.1.0)
  rspec
  rusen!
  shoulda (< 3.6)
  shoulda-matchers (< 1.6)
  simplecov
